PATH
  remote: .
  specs:
    redgraph (0.2.2)
      activesupport (>= 3.0.0)
      redis (~> 4)

GEM
  remote: https://rubygems.org/
  specs:
    activesupport (7.0.3)
      concurrent-ruby (~> 1.0, >= 1.0.2)
      i18n (>= 1.6, < 2)
      minitest (>= 5.1)
      tzinfo (~> 2.0)
    coderay (1.1.3)
    concurrent-ruby (1.1.10)
    docile (1.3.5)
    i18n (1.10.0)
      concurrent-ruby (~> 1.0)
    method_source (1.0.0)
    minitest (5.14.4)
    minitest-focus (1.4.0)
      minitest (>= 4, < 6)
    pry (0.14.0)
      coderay (~> 1.1)
      method_source (~> 1.0)
    rake (13.0.3)
    redis (4.6.0)
    simplecov (0.21.2)
      docile (~> 1.1)
      simplecov-html (~> 0.11)
      simplecov_json_formatter (~> 0.1)
    simplecov-html (0.12.3)
    simplecov_json_formatter (0.1.2)
    tzinfo (2.0.4)
      concurrent-ruby (~> 1.0)

PLATFORMS
  arm64-darwin-21
  arm64-darwin-23
  x86_64-darwin-20

DEPENDENCIES
  minitest (~> 5.0)
  minitest-focus (~> 1.4.0)
  pry (~> 0.14.0)
  rake (~> 13.0)
  redgraph!
  simplecov (~> 0.21.2)

BUNDLED WITH
   2.2.22
