PATH
  remote: .
  specs:
    redgraph (0.1.0)
      redis (~> 4)

GEM
  remote: https://rubygems.org/
  specs:
    minitest (5.14.4)
    rake (13.0.3)
    redis (4.2.5)

PLATFORMS
  x86_64-darwin-20

DEPENDENCIES
  minitest (~> 5.0)
  rake (~> 13.0)
  redgraph!

BUNDLED WITH
   2.2.15
